GEM
  remote: https://rubygems.org/
  specs:
    activesupport (3.2.13)
      i18n (= 0.6.1)
      multi_json (~> 1.0)
    awesome_print_motion (0.1.0)
    bubble-wrap (1.3.0)
    claide (0.3.2)
    cocoapods (0.22.3)
      activesupport (~> 3.2.13)
      claide (~> 0.3.2)
      cocoapods-core (= 0.22.3)
      cocoapods-downloader (~> 0.1.1)
      colored (~> 1.2)
      escape (~> 0.0.4)
      json (~> 1.8.0)
      open4 (~> 1.3.0)
      xcodeproj (~> 0.8.1)
    cocoapods-core (0.22.3)
      activesupport (~> 3.2.13)
      json (~> 1.8.0)
      nap (~> 0.5.1)
    cocoapods-downloader (0.1.1)
    colored (1.2)
    escape (0.0.4)
    i18n (0.6.1)
    ib (0.3.1)
      thor (>= 0.15.4)
      xcodeproj (>= 0.4.1)
    json (1.8.0)
    motion-cocoapods (1.3.5)
      cocoapods (>= 0.17.0)
    motion-require (0.0.7)
    motion-support (0.2.4)
      motion-require (>= 0.0.6)
    multi_json (1.7.7)
    nap (0.5.1)
    open4 (1.3.0)
    thor (0.18.1)
    xcodeproj (0.8.1)
      activesupport (~> 3.2.13)
      colored (~> 1.2)

PLATFORMS
  ruby

DEPENDENCIES
  awesome_print_motion
  bubble-wrap
  ib
  motion-cocoapods
  motion-support
